PATH
  remote: .
  specs:
    favicon_gem (0.1.0)
      faraday (~> 2.7)
      faraday-follow_redirects (~> 0.3)
      nokogiri (~> 1.14)

GEM
  remote: https://rubygems.org/
  specs:
    faraday (2.12.2)
      faraday-net_http (>= 2.0, < 3.5)
      json
      logger
    faraday-follow_redirects (0.3.0)
      faraday (>= 1, < 3)
    faraday-net_http (3.4.0)
      net-http (>= 0.5.0)
    json (2.10.2)
    logger (1.7.0)
    net-http (0.6.0)
      uri
    nokogiri (1.17.2-aarch64-linux)
      racc (~> 1.4)
    nokogiri (1.17.2-arm-linux)
      racc (~> 1.4)
    nokogiri (1.17.2-arm64-darwin)
      racc (~> 1.4)
    nokogiri (1.17.2-x86-linux)
      racc (~> 1.4)
    nokogiri (1.17.2-x86_64-darwin)
      racc (~> 1.4)
    nokogiri (1.17.2-x86_64-linux)
      racc (~> 1.4)
    racc (1.8.1)
    rake (13.2.1)
    uri (1.0.3)

PLATFORMS
  aarch64-linux
  arm-linux
  arm64-darwin
  x86-linux
  x86_64-darwin
  x86_64-linux

DEPENDENCIES
  favicon_gem!
  rake (~> 13.0)

BUNDLED WITH
   2.5.23
